GEM
  remote: https://rubygems.org/
  specs:
    grackle (0.1.10)
      json
      mime-types
      oauth
    json (1.7.3)
    mime-types (1.18)
    nokogiri (1.5.2)
    oauth (0.4.6)
    redis (2.2.2)

PLATFORMS
  ruby

DEPENDENCIES
  grackle
  nokogiri
  redis
